PATH
  remote: .
  specs:
    econ_data_reader (0.1.0)
      httparty
      polars-df

GEM
  remote: https://rubygems.org/
  specs:
    bigdecimal (3.1.8)
    csv (3.3.0)
    httparty (0.22.0)
      csv
      mini_mime (>= 1.0.0)
      multi_xml (>= 0.5.2)
    mini_mime (1.1.5)
    multi_xml (0.7.1)
      bigdecimal (~> 3.1)
    polars-df (0.11.0-arm64-darwin)
      bigdecimal
    rake (12.3.3)

PLATFORMS
  arm64-darwin-23

DEPENDENCIES
  econ_data_reader!
  rake (~> 12.0)

BUNDLED WITH
   2.3.7
